PATH
  remote: .
  specs:
    mr_speedy_ruby (1.0.0.pre.alpha.6)

GEM
  remote: https://rubygems.org/
  specs:
    addressable (2.8.1)
      public_suffix (>= 2.0.2, < 6.0)
    awesome_print (1.8.0)
    coderay (1.1.2)
    crack (0.4.3)
      safe_yaml (~> 1.0.0)
    hashdiff (1.0.1)
    method_source (1.0.0)
    minitest (5.14.0)
    pry (0.13.1)
      coderay (~> 1.1)
      method_source (~> 1.0)
    public_suffix (5.0.0)
    rake (13.0.1)
    safe_yaml (1.0.5)
    vcr (5.1.0)
    webmock (3.8.3)
      addressable (>= 2.3.6)
      crack (>= 0.3.2)
      hashdiff (>= 0.4.0, < 2.0.0)

PLATFORMS
  ruby

DEPENDENCIES
  awesome_print
  bundler (~> 2.0)
  minitest (~> 5.0)
  mr_speedy_ruby!
  pry
  rake (~> 13.0)
  vcr (~> 5.1.0)
  webmock (~> 3.8.3)

BUNDLED WITH
   2.1.4
